PATH
  remote: .
  specs:
    pivt (0.0.1)
      gli

GEM
  remote: http://rubygems.org/
  specs:
    gli (1.6.0)
    httparty (0.8.3)
      multi_json (~> 1.0)
      multi_xml
    json (1.7.0)
    multi_json (1.3.4)
    multi_xml (0.5.1)
    rainbow (1.1.3)
    rake (0.9.2.2)
    rdoc (3.12)
      json (~> 1.4)

PLATFORMS
  ruby

DEPENDENCIES
  httparty
  pivt!
  rainbow
  rake
  rdoc
